PATH
  remote: .
  specs:
    space_truckin (0.1.0)

GEM
  remote: http://rubygems.org/
  specs:
    diff-lcs (1.1.2)
    guard (0.5.0)
      thor (~> 0.14.6)
    guard-rspec (0.4.0)
      guard (>= 0.4.0)
    rspec (2.1.0)
      rspec-core (~> 2.1.0)
      rspec-expectations (~> 2.1.0)
      rspec-mocks (~> 2.1.0)
    rspec-core (2.1.0)
    rspec-expectations (2.1.0)
      diff-lcs (~> 1.1.2)
    rspec-mocks (2.1.0)
    thor (0.14.6)

PLATFORMS
  ruby

DEPENDENCIES
  guard-rspec (~> 0.4.0)
  rspec (~> 2.1.0)
  space_truckin!
